GEM
  remote: https://rubygems.org/
  specs:
    cpf_cnpj (0.5.0)

PLATFORMS
  x64-mingw32

DEPENDENCIES
  cpf_cnpj

BUNDLED WITH
   2.1.4
